GEM
  remote: http://rubygems.org/
  specs:
    daemon_controller (1.1.8)
    haml (4.0.5)
      tilt
    json (1.8.1)
    passenger (4.0.37)
      daemon_controller (>= 1.1.0)
      rack
      rake (>= 0.8.1)
    rack (1.5.2)
    rack-protection (1.5.2)
      rack
    rake (10.1.1)
    sinatra (1.4.4)
      rack (~> 1.4)
      rack-protection (~> 1.4)
      tilt (~> 1.3, >= 1.3.4)
    tilt (1.4.1)
    whois (3.4.3)

PLATFORMS
  ruby

DEPENDENCIES
  haml (= 4.0.5)
  json (= 1.8.1)
  passenger
  sinatra (= 1.4.4)
  whois (= 3.4.3)
